PATH
  remote: .
  specs:
    yaml-vfs (0.0.4)
      claide (>= 1.0.2, < 2.0)
      colored2 (~> 3.1)

GEM
  remote: https://rubygems.org/
  specs:
    claide (1.0.3)
    colored2 (3.1.2)
    debase (0.2.4.1)
      debase-ruby_core_source (>= 0.10.2)
    debase-ruby_core_source (0.10.12)
    diff-lcs (1.4.4)
    rake (10.5.0)
    rspec (3.10.0)
      rspec-core (~> 3.10.0)
      rspec-expectations (~> 3.10.0)
      rspec-mocks (~> 3.10.0)
    rspec-core (3.10.1)
      rspec-support (~> 3.10.0)
    rspec-expectations (3.10.1)
      diff-lcs (>= 1.2.0, < 2.0)
      rspec-support (~> 3.10.0)
    rspec-mocks (3.10.2)
      diff-lcs (>= 1.2.0, < 2.0)
      rspec-support (~> 3.10.0)
    rspec-support (3.10.2)
    ruby-debug-ide (0.7.2)
      rake (>= 0.8.1)

PLATFORMS
  ruby
  x86_64-darwin-20

DEPENDENCIES
  bundler (>= 2.1, < 3.0)
  debase (~> 0.2.4.1)
  rake (~> 10.0)
  rspec (~> 3.0)
  ruby-debug-ide (~> 0.7.2)
  yaml-vfs!

BUNDLED WITH
   2.2.21
